GEM
  remote: https://rubygems.org/
  specs:
    httparty (0.12.0)
      json (~> 1.8)
      multi_xml (>= 0.5.2)
    json (1.8.1)
    multi_xml (0.5.5)
    sqlite3 (1.3.8)

PLATFORMS
  ruby

DEPENDENCIES
  httparty
  json
  sqlite3
